GEM
  remote: http://rubygems.org/
  specs:
    slop (2.3.1)
    sqlite3 (1.3.4-x86-mingw32)

PLATFORMS
  x86-mingw32

DEPENDENCIES
  slop
  sqlite3
