GEM
  remote: http://rubygems.org/
  specs:
    awesome_print (0.4.0)
    slop (2.3.1)

PLATFORMS
  x86-mingw32

DEPENDENCIES
  awesome_print
  slop
